GEM
  remote: https://rubygems.org/
  specs:
    childprocess (0.6.3)
      ffi (~> 1.0, >= 1.0.11)
    ffi (1.9.18)
    iniparse (1.4.2)
    overcommit (0.39.1)
      childprocess (~> 0.6.3)
      iniparse (~> 1.4)

PLATFORMS
  ruby

DEPENDENCIES
  overcommit

BUNDLED WITH
   1.14.6
